GEM
  remote: https://rubygems.org/
  specs:
    dotenv (2.0.0)
    motion-env (0.0.4)
    rake (10.4.2)

PLATFORMS
  ruby

DEPENDENCIES
  dotenv
  motion-env
  rake
