GEM
  remote: https://rubygems.org/
  specs:
    dotenv (2.0.0)
    motion-env (0.0.4)
    rake (12.3.1)

PLATFORMS
  ruby

DEPENDENCIES
  dotenv
  motion-env
  rake

BUNDLED WITH
   1.16.2
